GEM
  remote: https://rubygems.org/
  specs:
    ast (2.4.2)
    coderay (1.1.3)
    commonmarker (0.23.9)
    ctf-party (2.3.0)
      docopt (~> 0.6)
    docopt (0.6.1)
    json (2.6.3)
    language_server-protocol (3.17.0.3)
    minitest (5.19.0)
    parallel (1.23.0)
    parser (3.2.2.3)
      ast (~> 2.4.1)
      racc
    racc (1.7.1)
    rainbow (3.1.1)
    rake (13.0.6)
    regexp_parser (2.8.1)
    rexml (3.2.6)
    rubocop (1.55.1)
      json (~> 2.3)
      language_server-protocol (>= 3.17.0)
      parallel (~> 1.10)
      parser (>= 3.2.2.3)
      rainbow (>= 2.2.2, < 4.0)
      regexp_parser (>= 1.8, < 3.0)
      rexml (>= 3.2.5, < 4.0)
      rubocop-ast (>= 1.28.1, < 2.0)
      ruby-progressbar (~> 1.7)
      unicode-display_width (>= 2.4.0, < 3.0)
    rubocop-ast (1.29.0)
      parser (>= 3.2.1.0)
    ruby-progressbar (1.13.0)
    unicode-display_width (2.4.2)
    yard (0.9.34)
    yard-coderay (0.1.0)
      coderay
      yard

PLATFORMS
  x86_64-linux

DEPENDENCIES
  commonmarker (~> 0.23)
  ctf-party (~> 2.3)
  docopt (~> 0.6)
  minitest (~> 5.19)
  rake (~> 13.0)
  rubocop (~> 1.55)
  yard (>= 0.9.27, < 0.10)
  yard-coderay (~> 0.1)

BUNDLED WITH
   2.4.6
